GEM
  remote: https://www.rubygems.org/
  specs:
    eventmachine (1.0.3)
    ffi (1.6.0)
    http_parser.rb (0.5.3)
    pi_piper (1.3.1)
      ffi
    simple_oauth (0.1.9)
    twitter-stream (0.1.16)
      eventmachine (>= 0.12.8)
      http_parser.rb (~> 0.5.1)
      simple_oauth (~> 0.1.4)

PLATFORMS
  ruby

DEPENDENCIES
  pi_piper
  twitter-stream
