GEM
  remote: https://www.rubygems.org/
  specs:
    ansi (1.4.3)
    eventmachine (1.0.3)
    http_parser.rb (0.5.3)
    minitest (4.7.0)
    simple_oauth (0.1.9)
    turn (0.9.6)
      ansi
    twitter-stream (0.1.16)
      eventmachine (>= 0.12.8)
      http_parser.rb (~> 0.5.1)
      simple_oauth (~> 0.1.4)

PLATFORMS
  ruby

DEPENDENCIES
  minitest
  turn
  twitter-stream
